GEM
  remote: https://rubygems.org/
  specs:
    chunky_png (1.3.11)
    optparse (0.4.0)
    power_assert (1.1.4)
    rbtree (0.4.6)
    rqrcode (0.10.1)
      chunky_png (~> 1.0)
    set (1.0.4)
    sorted_set (1.0.3)
      rbtree
      set (~> 1.0)
    test-unit (3.3.3)
      power_assert

PLATFORMS
  ruby

DEPENDENCIES
  chunky_png (>= 1.3.11)
  optparse
  rqrcode (>= 0.10.1)
  sorted_set
  test-unit (>= 3.2.7)

BUNDLED WITH
   2.4.14
