GEM
  remote: https://rubygems.org/
  specs:
    chunky_png (1.3.11)
    power_assert (1.1.4)
    rqrcode (0.10.1)
      chunky_png (~> 1.0)
    test-unit (3.3.3)
      power_assert

PLATFORMS
  ruby

DEPENDENCIES
  chunky_png (>= 1.3.11)
  rqrcode (>= 0.10.1)
  test-unit (>= 3.2.7)

BUNDLED WITH
   1.17.2
